PATH
  remote: .
  specs:
    faker (1.4.3)
      i18n (~> 0.5)

GEM
  remote: http://rubygems.org/
  specs:
    i18n (0.6.9)
    rake (13.0.1)
    test-unit (2.5.5)

PLATFORMS
  ruby

DEPENDENCIES
  faker!
  rake
  test-unit
